GEM
  remote: https://rubygems.org/
  specs:
    aws-eventstream (1.3.0)
    aws-partitions (1.1012.0)
    aws-sdk-core (3.213.0)
      aws-eventstream (~> 1, >= 1.3.0)
      aws-partitions (~> 1, >= 1.992.0)
      aws-sigv4 (~> 1.9)
      jmespath (~> 1, >= 1.6.1)
    aws-sdk-lambda (1.143.0)
      aws-sdk-core (~> 3, >= 3.210.0)
      aws-sigv4 (~> 1.5)
    aws-sigv4 (1.10.1)
      aws-eventstream (~> 1, >= 1.0.2)
    jmespath (1.6.2)
    json (2.8.2)
    logger (1.6.1)

PLATFORMS
  ruby

DEPENDENCIES
  aws-sdk-lambda (= 1.143.0)
  json (= 2.8.2)
  logger (= 1.6.1)

BUNDLED WITH
   2.1.4
