PATH
  remote: ../lambda-ruby
  specs:
    remotion_lambda (4.0.314)
      aws-sdk-lambda (> 1.0.0)
      json (> 2.0.0)
      logger (> 1.0.0)

GEM
  remote: https://rubygems.org/
  specs:
    aws-eventstream (1.4.0)
    aws-partitions (1.1116.0)
    aws-sdk-core (3.225.2)
      aws-eventstream (~> 1, >= 1.3.0)
      aws-partitions (~> 1, >= 1.992.0)
      aws-sigv4 (~> 1.9)
      base64
      jmespath (~> 1, >= 1.6.1)
      logger
    aws-sdk-lambda (1.152.0)
      aws-sdk-core (~> 3, >= 3.225.0)
      aws-sigv4 (~> 1.5)
    aws-sigv4 (1.12.1)
      aws-eventstream (~> 1, >= 1.0.2)
    base64 (0.3.0)
    jmespath (1.6.2)
    json (2.12.2)
    logger (1.7.0)

PLATFORMS
  ruby

DEPENDENCIES
  remotion_lambda!

BUNDLED WITH
   2.1.4
